GEM
  remote: https://rubygems.org/
  specs:
    colorize (0.8.1)
    docile (1.3.2)
    simplecov (0.20.0)
      docile (~> 1.1)
      simplecov-html (~> 0.11)
      simplecov_json_formatter (~> 0.1)
    simplecov-html (0.12.3)
    simplecov_json_formatter (0.1.2)

PLATFORMS
  ruby

DEPENDENCIES
  colorize
  simplecov

BUNDLED WITH
   1.16.6
