GEM
  remote: https://rubygems.org/
  specs:
    colorize (0.8.1)
    docile (1.3.1)
    json (2.3.1)
    simplecov (0.16.1)
      docile (~> 1.1)
      json (>= 1.8, < 3)
      simplecov-html (~> 0.10.0)
    simplecov-html (0.10.2)

PLATFORMS
  ruby

DEPENDENCIES
  colorize
  simplecov

BUNDLED WITH
   1.16.6
