GEM
  remote: https://rubygems.org/
  specs:
    colorize (0.8.1)
    docile (1.3.2)
    simplecov (0.18.4)
      docile (~> 1.1)
      simplecov-html (~> 0.11)
    simplecov-html (0.12.1)

PLATFORMS
  ruby

DEPENDENCIES
  colorize
  simplecov

BUNDLED WITH
   1.16.6
